GEM
  remote: https://rubygems.org/
  specs:
    actioncable (6.1.7.6)
      actionpack (= 6.1.7.6)
      activesupport (= 6.1.7.6)
      nio4r (~> 2.0)
      websocket-driver (>= 0.6.1)
    actionmailbox (6.1.7.6)
      actionpack (= 6.1.7.6)
      activejob (= 6.1.7.6)
      activerecord (= 6.1.7.6)
      activestorage (= 6.1.7.6)
      activesupport (= 6.1.7.6)
      mail (>= 2.7.1)
    actionmailer (6.1.7.6)
      actionpack (= 6.1.7.6)
      actionview (= 6.1.7.6)
      activejob (= 6.1.7.6)
      activesupport (= 6.1.7.6)
      mail (~> 2.5, >= 2.5.4)
      rails-dom-testing (~> 2.0)
    actionpack (6.1.7.6)
      actionview (= 6.1.7.6)
      activesupport (= 6.1.7.6)
      rack (~> 2.0, >= 2.0.9)
      rack-test (>= 0.6.3)
      rails-dom-testing (~> 2.0)
      rails-html-sanitizer (~> 1.0, >= 1.2.0)
    actiontext (6.1.7.6)
      actionpack (= 6.1.7.6)
      activerecord (= 6.1.7.6)
      activestorage (= 6.1.7.6)
      activesupport (= 6.1.7.6)
      nokogiri (>= 1.8.5)
    actionview (6.1.7.6)
      activesupport (= 6.1.7.6)
      builder (~> 3.1)
      erubi (~> 1.4)
      rails-dom-testing (~> 2.0)
      rails-html-sanitizer (~> 1.1, >= 1.2.0)
    activejob (6.1.7.6)
      activesupport (= 6.1.7.6)
      globalid (>= 0.3.6)
    activemodel (6.1.7.6)
      activesupport (= 6.1.7.6)
    activerecord (6.1.7.6)
      activemodel (= 6.1.7.6)
      activesupport (= 6.1.7.6)
    activestorage (6.1.7.6)
      actionpack (= 6.1.7.6)
      activejob (= 6.1.7.6)
      activerecord (= 6.1.7.6)
      activesupport (= 6.1.7.6)
      marcel (~> 1.0)
      mini_mime (>= 1.1.0)
    activesupport (6.1.7.6)
      concurrent-ruby (~> 1.0, >= 1.0.2)
      i18n (>= 1.6, < 2)
      minitest (>= 5.1)
      tzinfo (~> 2.0)
      zeitwerk (~> 2.3)
    bootsnap (1.17.0)
      msgpack (~> 1.2)
    builder (3.2.4)
    byebug (11.1.3)
    concurrent-ruby (1.2.2)
    crass (1.0.6)
    date (3.3.4)
    dotenv (2.8.1)
    dotenv-rails (2.8.1)
      dotenv (= 2.8.1)
      railties (>= 3.2)
    erubi (1.12.0)
    ffi (1.16.3)
    globalid (1.2.1)
      activesupport (>= 6.1)
    google-protobuf (3.25.1-arm64-darwin)
    googleapis-common-protos-types (1.11.0)
      google-protobuf (~> 3.18)
    i18n (1.14.1)
      concurrent-ruby (~> 1.0)
    listen (3.8.0)
      rb-fsevent (~> 0.10, >= 0.10.3)
      rb-inotify (~> 0.9, >= 0.9.10)
    loofah (2.22.0)
      crass (~> 1.0.2)
      nokogiri (>= 1.12.0)
    mail (2.8.1)
      mini_mime (>= 0.1.1)
      net-imap
      net-pop
      net-smtp
    marcel (1.0.2)
    method_source (1.0.0)
    mini_mime (1.1.5)
    minitest (5.20.0)
    msgpack (1.7.2)
    net-imap (0.4.8)
      date
      net-protocol
    net-pop (0.1.2)
      net-protocol
    net-protocol (0.2.2)
      timeout
    net-smtp (0.4.0)
      net-protocol
    nio4r (2.7.0)
    nokogiri (1.15.5-arm64-darwin)
      racc (~> 1.4)
    opentelemetry-api (1.1.0)
    opentelemetry-common (0.19.7)
      opentelemetry-api (~> 1.0)
    opentelemetry-exporter-otlp (0.24.2)
      google-protobuf (~> 3.19)
      googleapis-common-protos-types (~> 1.3)
      opentelemetry-api (~> 1.1)
      opentelemetry-common (~> 0.19.6)
      opentelemetry-sdk (~> 1.2)
      opentelemetry-semantic_conventions
    opentelemetry-exporter-zipkin (0.22.0)
      opentelemetry-api (~> 1.1)
      opentelemetry-common (~> 0.19.6)
      opentelemetry-sdk (~> 1.2)
      opentelemetry-semantic_conventions
    opentelemetry-instrumentation-action_pack (0.5.0)
      opentelemetry-api (~> 1.0)
      opentelemetry-instrumentation-base (~> 0.21.0)
      opentelemetry-instrumentation-rack (~> 0.21)
    opentelemetry-instrumentation-action_view (0.4.0)
      opentelemetry-api (~> 1.0)
      opentelemetry-instrumentation-active_support (~> 0.1)
      opentelemetry-instrumentation-base (~> 0.20)
    opentelemetry-instrumentation-active_job (0.4.0)
      opentelemetry-api (~> 1.0)
      opentelemetry-instrumentation-base (~> 0.21.0)
    opentelemetry-instrumentation-active_model_serializers (0.19.1)
      opentelemetry-api (~> 1.0)
      opentelemetry-instrumentation-base (~> 0.21.0)
    opentelemetry-instrumentation-active_record (0.5.0)
      opentelemetry-api (~> 1.0)
      opentelemetry-instrumentation-base (~> 0.21.0)
      ruby2_keywords
    opentelemetry-instrumentation-active_support (0.3.0)
      opentelemetry-api (~> 1.0)
      opentelemetry-instrumentation-base (~> 0.21.0)
    opentelemetry-instrumentation-all (0.33.0)
      opentelemetry-instrumentation-active_model_serializers (~> 0.19.0)
      opentelemetry-instrumentation-aws_sdk (~> 0.3.0)
      opentelemetry-instrumentation-bunny (~> 0.19.0)
      opentelemetry-instrumentation-concurrent_ruby (~> 0.20.0)
      opentelemetry-instrumentation-dalli (~> 0.22.0)
      opentelemetry-instrumentation-delayed_job (~> 0.19.0)
      opentelemetry-instrumentation-ethon (~> 0.20.0)
      opentelemetry-instrumentation-excon (~> 0.20.0)
      opentelemetry-instrumentation-faraday (~> 0.22.0)
      opentelemetry-instrumentation-graphql (~> 0.24.0)
      opentelemetry-instrumentation-http (~> 0.21.0)
      opentelemetry-instrumentation-http_client (~> 0.21.0)
      opentelemetry-instrumentation-koala (~> 0.19.0)
      opentelemetry-instrumentation-lmdb (~> 0.21.0)
      opentelemetry-instrumentation-mongo (~> 0.21.0)
      opentelemetry-instrumentation-mysql2 (~> 0.22.0)
      opentelemetry-instrumentation-net_http (~> 0.21.0)
      opentelemetry-instrumentation-pg (~> 0.23.0)
      opentelemetry-instrumentation-que (~> 0.5.0)
      opentelemetry-instrumentation-racecar (~> 0.1.0)
      opentelemetry-instrumentation-rack (~> 0.22.0)
      opentelemetry-instrumentation-rails (~> 0.25.0)
      opentelemetry-instrumentation-rake (~> 0.1.0)
      opentelemetry-instrumentation-rdkafka (~> 0.2.0)
      opentelemetry-instrumentation-redis (~> 0.24.0)
      opentelemetry-instrumentation-resque (~> 0.3.0)
      opentelemetry-instrumentation-restclient (~> 0.21.0)
      opentelemetry-instrumentation-ruby_kafka (~> 0.19.0)
      opentelemetry-instrumentation-sidekiq (~> 0.22.0)
      opentelemetry-instrumentation-sinatra (~> 0.21.0)
      opentelemetry-instrumentation-trilogy (~> 0.52.0)
    opentelemetry-instrumentation-aws_sdk (0.3.2)
      opentelemetry-api (~> 1.0)
      opentelemetry-instrumentation-base (~> 0.21.0)
    opentelemetry-instrumentation-base (0.21.1)
      opentelemetry-api (~> 1.0)
      opentelemetry-registry (~> 0.1)
    opentelemetry-instrumentation-bunny (0.19.1)
      opentelemetry-api (~> 1.0)
      opentelemetry-instrumentation-base (~> 0.21.0)
    opentelemetry-instrumentation-concurrent_ruby (0.20.1)
      opentelemetry-api (~> 1.0)
      opentelemetry-instrumentation-base (~> 0.21.0)
    opentelemetry-instrumentation-dalli (0.22.2)
      opentelemetry-api (~> 1.0)
      opentelemetry-common (~> 0.19.3)
      opentelemetry-instrumentation-base (~> 0.21.0)
    opentelemetry-instrumentation-delayed_job (0.19.1)
      opentelemetry-api (~> 1.0)
      opentelemetry-instrumentation-base (~> 0.21.0)
    opentelemetry-instrumentation-ethon (0.20.1)
      opentelemetry-api (~> 1.0)
      opentelemetry-common (~> 0.19.3)
      opentelemetry-instrumentation-base (~> 0.21.0)
    opentelemetry-instrumentation-excon (0.20.1)
      opentelemetry-api (~> 1.0)
      opentelemetry-common (~> 0.19.3)
      opentelemetry-instrumentation-base (~> 0.21.0)
    opentelemetry-instrumentation-faraday (0.22.0)
      opentelemetry-api (~> 1.0)
      opentelemetry-common (~> 0.19.3)
      opentelemetry-instrumentation-base (~> 0.21.0)
    opentelemetry-instrumentation-graphql (0.24.0)
      opentelemetry-api (~> 1.0)
      opentelemetry-instrumentation-base (~> 0.21.0)
    opentelemetry-instrumentation-http (0.21.0)
      opentelemetry-api (~> 1.0)
      opentelemetry-instrumentation-base (~> 0.21.0)
    opentelemetry-instrumentation-http_client (0.21.0)
      opentelemetry-api (~> 1.0)
      opentelemetry-common (~> 0.19.3)
      opentelemetry-instrumentation-base (~> 0.21.0)
    opentelemetry-instrumentation-koala (0.19.1)
      opentelemetry-api (~> 1.0)
      opentelemetry-common (~> 0.19.3)
      opentelemetry-instrumentation-base (~> 0.21.0)
    opentelemetry-instrumentation-lmdb (0.21.1)
      opentelemetry-api (~> 1.0)
      opentelemetry-instrumentation-base (~> 0.21.0)
    opentelemetry-instrumentation-mongo (0.21.1)
      opentelemetry-api (~> 1.0)
      opentelemetry-instrumentation-base (~> 0.21.0)
    opentelemetry-instrumentation-mysql2 (0.22.0)
      opentelemetry-api (~> 1.0)
      opentelemetry-instrumentation-base (~> 0.21.0)
    opentelemetry-instrumentation-net_http (0.21.1)
      opentelemetry-api (~> 1.0)
      opentelemetry-common (~> 0.19.3)
      opentelemetry-instrumentation-base (~> 0.21.0)
    opentelemetry-instrumentation-pg (0.23.0)
      opentelemetry-api (~> 1.0)
      opentelemetry-instrumentation-base (~> 0.21.0)
    opentelemetry-instrumentation-que (0.5.1)
      opentelemetry-api (~> 1.0)
      opentelemetry-instrumentation-base (~> 0.21.0)
    opentelemetry-instrumentation-racecar (0.1.2)
      opentelemetry-api (~> 1.0)
      opentelemetry-instrumentation-base (~> 0.21.0)
    opentelemetry-instrumentation-rack (0.22.1)
      opentelemetry-api (~> 1.0)
      opentelemetry-common (~> 0.19.3)
      opentelemetry-instrumentation-base (~> 0.21.0)
    opentelemetry-instrumentation-rails (0.25.0)
      opentelemetry-api (~> 1.0)
      opentelemetry-instrumentation-action_pack (~> 0.5.0)
      opentelemetry-instrumentation-action_view (~> 0.4.0)
      opentelemetry-instrumentation-active_job (~> 0.4.0)
      opentelemetry-instrumentation-active_record (~> 0.5.0)
      opentelemetry-instrumentation-active_support (~> 0.3.0)
      opentelemetry-instrumentation-base (~> 0.21.0)
    opentelemetry-instrumentation-rake (0.1.1)
      opentelemetry-api (~> 1.0)
      opentelemetry-instrumentation-base (~> 0.21.0)
    opentelemetry-instrumentation-rdkafka (0.2.3)
      opentelemetry-api (~> 1.0)
      opentelemetry-common (~> 0.19.3)
      opentelemetry-instrumentation-base (~> 0.21.0)
    opentelemetry-instrumentation-redis (0.24.1)
      opentelemetry-api (~> 1.0)
      opentelemetry-common (~> 0.19.3)
      opentelemetry-instrumentation-base (~> 0.21.0)
    opentelemetry-instrumentation-resque (0.3.1)
      opentelemetry-api (~> 1.0)
      opentelemetry-instrumentation-base (~> 0.21.0)
    opentelemetry-instrumentation-restclient (0.21.0)
      opentelemetry-api (~> 1.0)
      opentelemetry-common (~> 0.19.3)
      opentelemetry-instrumentation-base (~> 0.21.0)
    opentelemetry-instrumentation-ruby_kafka (0.19.1)
      opentelemetry-api (~> 1.0)
      opentelemetry-instrumentation-base (~> 0.21.0)
    opentelemetry-instrumentation-sidekiq (0.22.1)
      opentelemetry-api (~> 1.0)
      opentelemetry-common (~> 0.19.3)
      opentelemetry-instrumentation-base (~> 0.21.0)
    opentelemetry-instrumentation-sinatra (0.21.5)
      opentelemetry-api (~> 1.0)
      opentelemetry-common (~> 0.19.3)
      opentelemetry-instrumentation-base (~> 0.21.0)
      opentelemetry-instrumentation-rack (~> 0.21)
    opentelemetry-instrumentation-trilogy (0.52.0)
      opentelemetry-api (~> 1.0)
      opentelemetry-instrumentation-base (~> 0.21.0)
      opentelemetry-semantic_conventions (>= 1.8.0)
    opentelemetry-registry (0.2.0)
      opentelemetry-api (~> 1.1)
    opentelemetry-sdk (1.2.1)
      opentelemetry-api (~> 1.1)
      opentelemetry-common (~> 0.19.3)
      opentelemetry-registry (~> 0.2)
      opentelemetry-semantic_conventions
    opentelemetry-semantic_conventions (1.10.0)
      opentelemetry-api (~> 1.0)
    puma (5.6.7)
      nio4r (~> 2.0)
    racc (1.7.3)
    rack (2.2.8)
    rack-test (2.1.0)
      rack (>= 1.3)
    rails (6.1.7.6)
      actioncable (= 6.1.7.6)
      actionmailbox (= 6.1.7.6)
      actionmailer (= 6.1.7.6)
      actionpack (= 6.1.7.6)
      actiontext (= 6.1.7.6)
      actionview (= 6.1.7.6)
      activejob (= 6.1.7.6)
      activemodel (= 6.1.7.6)
      activerecord (= 6.1.7.6)
      activestorage (= 6.1.7.6)
      activesupport (= 6.1.7.6)
      bundler (>= 1.15.0)
      railties (= 6.1.7.6)
      sprockets-rails (>= 2.0.0)
    rails-dom-testing (2.2.0)
      activesupport (>= 5.0.0)
      minitest
      nokogiri (>= 1.6)
    rails-html-sanitizer (1.6.0)
      loofah (~> 2.21)
      nokogiri (~> 1.14)
    railties (6.1.7.6)
      actionpack (= 6.1.7.6)
      activesupport (= 6.1.7.6)
      method_source
      rake (>= 12.2)
      thor (~> 1.0)
    rake (13.1.0)
    rb-fsevent (0.11.2)
    rb-inotify (0.10.1)
      ffi (~> 1.0)
    ruby2_keywords (0.0.5)
    spring (4.1.3)
    sprockets (4.2.1)
      concurrent-ruby (~> 1.0)
      rack (>= 2.2.4, < 4)
    sprockets-rails (3.4.2)
      actionpack (>= 5.2)
      activesupport (>= 5.2)
      sprockets (>= 3.0.0)
    sqlite3 (1.6.9-arm64-darwin)
    thor (1.3.0)
    timeout (0.4.1)
    tzinfo (2.0.6)
      concurrent-ruby (~> 1.0)
    websocket-driver (0.7.6)
      websocket-extensions (>= 0.1.0)
    websocket-extensions (0.1.5)
    zeitwerk (2.6.12)

PLATFORMS
  arm64-darwin-23

DEPENDENCIES
  bootsnap (>= 1.4.4)
  byebug
  dotenv-rails
  listen (~> 3.3)
  opentelemetry-exporter-otlp
  opentelemetry-exporter-zipkin (~> 0.22.0)
  opentelemetry-instrumentation-all
  opentelemetry-sdk
  puma (~> 5.0)
  rails (~> 6.1.4, >= 6.1.4.7)
  spring
  sqlite3 (~> 1.4)
  tzinfo-data

RUBY VERSION
   ruby 2.7.6p219

BUNDLED WITH
   2.4.22
